GEM
  remote: https://rubygems.org/
  specs:
    diff-lcs (1.4.4)
    docker-api (2.1.0)
      excon (>= 0.47.0)
      multi_json
    excon (0.79.0)
    java-properties (0.3.0)
    multi_json (1.15.0)
    rspec-core (3.10.1)
      rspec-support (~> 3.10.0)
    rspec-expectations (3.10.1)
      diff-lcs (>= 1.2.0, < 2.0)
      rspec-support (~> 3.10.0)
    rspec-retry (0.6.2)
      rspec-core (> 3.3)
    rspec-support (3.10.1)

PLATFORMS
  ruby

DEPENDENCIES
  docker-api
  java-properties
  rspec-expectations
  rspec-retry

BUNDLED WITH
   2.1.2
